GIT
  remote: git://github.com/adamcrown/admin_data.git
  revision: c740f6ec40cfa01c135d0b408d638422281b8c94
  branch: my1.1.11
  specs:
    admin_data (1.1.11)
      will_paginate (>= 3.0.pre2)

GIT
  remote: git://github.com/rails/exception_notification
  revision: 192a49a02d63d28b23ed41cebadfedd490929cf1
  specs:
    exception_notification (1.0.0)

GEM
  remote: http://rubygems.org/
  remote: http://git.biola.edu/gem-repo/
  specs:
    abstract (1.0.0)
    actionmailer (3.0.7)
      actionpack (= 3.0.7)
      mail (~> 2.2.15)
    actionpack (3.0.7)
      activemodel (= 3.0.7)
      activesupport (= 3.0.7)
      builder (~> 2.1.2)
      erubis (~> 2.6.6)
      i18n (~> 0.5.0)
      rack (~> 1.2.1)
      rack-mount (~> 0.6.14)
      rack-test (~> 0.5.7)
      tzinfo (~> 0.3.23)
    activemodel (3.0.7)
      activesupport (= 3.0.7)
      builder (~> 2.1.2)
      i18n (~> 0.5.0)
    activerecord (3.0.7)
      activemodel (= 3.0.7)
      activesupport (= 3.0.7)
      arel (~> 2.0.2)
      tzinfo (~> 0.3.23)
    activeresource (3.0.7)
      activemodel (= 3.0.7)
      activesupport (= 3.0.7)
    activesupport (3.0.7)
    arel (2.0.10)
    bcrypt-ruby (2.1.4)
    biola_web_services (0.1.2)
      json (~> 1.5.0)
      rest-client (~> 1.6.0)
    builder (2.1.2)
    carrierwave (0.5.6)
      activesupport (~> 3.0)
    chronic (0.3.0)
    crack (0.1.8)
    declarative_authorization (0.5.3)
    devise (1.1.9)
      bcrypt-ruby (~> 2.1.2)
      warden (~> 1.0.2)
    devise_netid_authenticatable (0.3.2)
      biola_web_services (~> 0.1.1)
      devise (> 1.0.8)
    erubis (2.6.6)
      abstract (>= 1.0.0)
    feed_satisfaction (0.1.1)
    haml (3.0.25)
    highline (1.6.2)
    httparty (0.6.1)
      crack (= 0.1.8)
    i18n (0.5.0)
    jquery-rails (0.2.7)
      rails (~> 3.0)
      thor (~> 0.14.4)
    json (1.5.3)
    kaminari (0.12.4)
      rails (>= 3.0.0)
    mail (2.2.19)
      activesupport (>= 2.3.6)
      i18n (>= 0.4.0)
      mime-types (~> 1.16)
      treetop (~> 1.4.8)
    meta_search (0.9.11)
      actionpack (~> 3.0.2)
      activerecord (~> 3.0.2)
      activesupport (~> 3.0.2)
      arel (~> 2.0.2)
    mime-types (1.16)
    mysql2 (0.2.11)
    newrelic_rpm (2.13.4)
    nokogiri (1.5.0)
    oauth (0.4.5)
    polyglot (0.3.1)
    port-a-query (0.1.0)
    rack (1.2.3)
    rack-mount (0.6.14)
      rack (>= 1.0.0)
    rack-test (0.5.7)
      rack (>= 1.0)
    rails (3.0.7)
      actionmailer (= 3.0.7)
      actionpack (= 3.0.7)
      activerecord (= 3.0.7)
      activeresource (= 3.0.7)
      activesupport (= 3.0.7)
      bundler (~> 1.0)
      railties (= 3.0.7)
    railties (3.0.7)
      actionpack (= 3.0.7)
      activesupport (= 3.0.7)
      rake (>= 0.8.7)
      thor (~> 0.14.4)
    rake (0.9.2)
    rest-client (1.6.3)
      mime-types (>= 1.16)
    sqlite3 (1.3.3)
    sqlite3-ruby (1.3.3)
      sqlite3 (>= 1.3.3)
    ssl_requirement (0.1.0)
    thor (0.14.6)
    treetop (1.4.9)
      polyglot (>= 0.3.1)
    turnout (0.2.2)
      nokogiri (~> 1.3)
    tzinfo (0.3.29)
    viva-app_config (1.2.0)
    warden (1.0.4)
      rack (>= 1.0)
    will_paginate (3.0.pre2)
    yaml_db (0.2.1)

PLATFORMS
  ruby

DEPENDENCIES
  admin_data!
  biola_web_services (~> 0.1.1)
  carrierwave (~> 0.5.4)
  chronic (~> 0.3.0)
  declarative_authorization (~> 0.5.1)
  devise (~> 1.1.5)
  devise_netid_authenticatable (~> 0.3.2)
  exception_notification!
  feed_satisfaction (~> 0.1.1)
  haml (~> 3.0.22)
  highline (~> 1.6.1)
  httparty (~> 0.6.1)
  jquery-rails (~> 0.2.6)
  kaminari (~> 0.12.4)
  meta_search (~> 0.9.10)
  mysql2 (~> 0.2.11)
  newrelic_rpm (~> 2.13.2)
  oauth (~> 0.4.3)
  port-a-query (~> 0.1.0)
  rails (= 3.0.7)
  sqlite3-ruby (~> 1.3.2)
  ssl_requirement (~> 0.1.0)
  turnout (~> 0.2.2)
  viva-app_config (~> 1.2.0)
  yaml_db (~> 0.2.0)
