GIT
  remote: git://github.com/rails/exception_notification
  revision: 192a49a02d63d28b23ed41cebadfedd490929cf1
  specs:
    exception_notification (1.0.0)

GEM
  remote: http://rubygems.org/
  remote: https://gems.biola.edu/
  specs:
    actionmailer (3.1.6)
      actionpack (= 3.1.6)
      mail (~> 2.3.3)
    actionpack (3.1.6)
      activemodel (= 3.1.6)
      activesupport (= 3.1.6)
      builder (~> 3.0.0)
      erubis (~> 2.7.0)
      i18n (~> 0.6)
      rack (~> 1.3.6)
      rack-cache (~> 1.2)
      rack-mount (~> 0.8.2)
      rack-test (~> 0.6.1)
      sprockets (~> 2.0.4)
    activemodel (3.1.6)
      activesupport (= 3.1.6)
      builder (~> 3.0.0)
      i18n (~> 0.6)
    activerecord (3.1.6)
      activemodel (= 3.1.6)
      activesupport (= 3.1.6)
      arel (~> 2.2.3)
      tzinfo (~> 0.3.29)
    activeresource (3.1.6)
      activemodel (= 3.1.6)
      activesupport (= 3.1.6)
    activesupport (3.1.6)
      multi_json (>= 1.0, < 1.3)
    addressable (2.2.8)
    appinfo (0.1.0)
    arel (2.2.3)
    bcrypt-ruby (3.0.1)
    builder (3.0.0)
    carrierwave (0.5.8)
      activesupport (~> 3.0)
    chronic (0.6.7)
    crack (0.1.8)
    declarative_authorization (0.5.5)
    devise (1.4.9)
      bcrypt-ruby (~> 3.0)
      orm_adapter (~> 0.0.3)
      warden (~> 1.0.3)
    devise_cas_authenticatable (1.1.2)
      devise (>= 1.0.6)
      rubycas-client (>= 2.2.1)
    erubis (2.7.0)
    feed_satisfaction (0.1.2)
      oauth (>= 0.4.0)
    haml (3.1.6)
    highline (1.6.13)
    hike (1.2.1)
    httparty (0.7.8)
      crack (= 0.1.8)
    i18n (0.6.0)
    jquery-rails (1.0.19)
      railties (~> 3.0)
      thor (~> 0.14)
    json (1.7.3)
    kaminari (0.12.4)
      rails (>= 3.0.0)
    mail (2.3.3)
      i18n (>= 0.4.0)
      mime-types (~> 1.16)
      treetop (~> 1.4.8)
    meta_search (1.1.3)
      actionpack (~> 3.1)
      activerecord (~> 3.1)
      activesupport (~> 3.1)
      polyamorous (~> 0.5.0)
    mime-types (1.19)
    mini_magick (3.4)
      subexec (~> 0.2.1)
    multi_json (1.2.0)
    mysql2 (0.3.11)
    newrelic_rpm (3.3.5)
    nokogiri (1.5.5)
    oauth (0.4.6)
    orm_adapter (0.0.7)
    polyamorous (0.5.0)
      activerecord (~> 3.0)
    polyglot (0.3.3)
    port-a-query (0.1.1)
    rack (1.3.6)
    rack-cache (1.2)
      rack (>= 0.4)
    rack-mount (0.8.3)
      rack (>= 1.0.0)
    rack-ssl (1.3.2)
      rack
    rack-test (0.6.1)
      rack (>= 1.0)
    rails (3.1.6)
      actionmailer (= 3.1.6)
      actionpack (= 3.1.6)
      activerecord (= 3.1.6)
      activeresource (= 3.1.6)
      activesupport (= 3.1.6)
      bundler (~> 1.0)
      railties (= 3.1.6)
    railties (3.1.6)
      actionpack (= 3.1.6)
      activesupport (= 3.1.6)
      rack-ssl (~> 1.3.2)
      rake (>= 0.8.7)
      rdoc (~> 3.4)
      thor (~> 0.14.6)
    rake (0.9.2.2)
    rdoc (3.12)
      json (~> 1.4)
    rubycas-client (2.3.9)
      activesupport
    sass (3.1.19)
    sprockets (2.0.4)
      hike (~> 1.2)
      rack (~> 1.0)
      tilt (~> 1.1, != 1.3.0)
    sqlite3 (1.3.6)
    sqlite3-ruby (1.3.3)
      sqlite3 (>= 1.3.3)
    ssl_requirement (0.1.0)
    subexec (0.2.2)
    thor (0.14.6)
    tilt (1.3.3)
    treetop (1.4.10)
      polyglot
      polyglot (>= 0.3.1)
    turnout (0.2.2)
      nokogiri (~> 1.3)
    tzinfo (0.3.33)
    version (1.0.0)
    viva-app_config (1.2.0)
    warden (1.0.6)
      rack (>= 1.0)
    yaml_db (0.2.3)

PLATFORMS
  ruby

DEPENDENCIES
  addressable (~> 2.2.6)
  appinfo (~> 0.1.0)
  carrierwave (~> 0.5.4)
  chronic (~> 0.6.2)
  declarative_authorization (~> 0.5.3)
  devise (~> 1.4.5)
  devise_cas_authenticatable (~> 1.1.2)
  exception_notification!
  feed_satisfaction (~> 0.1.2)
  haml (~> 3.1.3)
  highline (~> 1.6.2)
  httparty (~> 0.7.8)
  jquery-rails (~> 1.0.14)
  kaminari (~> 0.12.4)
  meta_search (~> 1.1.1)
  mini_magick (~> 3.3)
  mysql2 (~> 0.3.7)
  newrelic_rpm (~> 3.3.3)
  oauth (~> 0.4.3)
  port-a-query (~> 0.1.0)
  rails (= 3.1.6)
  sass (~> 3.1.7)
  sqlite3-ruby (~> 1.3.3)
  ssl_requirement (~> 0.1.0)
  turnout (~> 0.2.2)
  version (~> 1.0.0)
  viva-app_config (~> 1.2.0)
  yaml_db (~> 0.2.1)
